PATH
  remote: .
  specs:
    travistorrent-tools (0.1)
      activesupport (< 5.0.0)
      colorize (>= 0.7)
      github-linguist (>= 4.5)
      json (>= 2.0.0)
      mongo (>= 1.12, < 2.0)
      mysql2 (>= 0.3)
      parallel (>= 0.7.1)
      rugged (>= 0.22)
      sequel (>= 4.23)
      time_difference
      travis (>= 1.7, < 1.9)
      trollop (>= 2.1.2)

GEM
  remote: https://rubygems.org/
  specs:
    activesupport (4.0.13)
      i18n (~> 0.6, >= 0.6.9)
      minitest (~> 4.2)
      multi_json (~> 1.3)
      thread_safe (~> 0.1)
      tzinfo (~> 0.3.37)
    addressable (2.4.0)
    backports (3.6.8)
    bson (1.12.5)
    charlock_holmes (0.7.3)
    colorize (0.8.1)
    escape_utils (1.1.1)
    ethon (0.10.1)
      ffi (>= 1.3.0)
    faraday (0.10.0)
      multipart-post (>= 1.2, < 3)
    faraday_middleware (0.10.1)
      faraday (>= 0.7.4, < 1.0)
    ffi (1.9.14)
    gh (0.15.0)
      addressable (~> 2.4.0)
      backports
      faraday (~> 0.8)
      multi_json (~> 1.0)
      net-http-persistent (~> 2.9)
      net-http-pipeline
    github-linguist (4.8.18)
      charlock_holmes (~> 0.7.3)
      escape_utils (~> 1.1.0)
      mime-types (>= 1.19)
      rugged (>= 0.23.0b)
    highline (1.7.8)
    i18n (0.7.0)
    json (2.0.2)
    launchy (2.4.3)
      addressable (~> 2.3)
    mime-types (3.1)
      mime-types-data (~> 3.2015)
    mime-types-data (3.2016.0521)
    minitest (4.7.5)
    mongo (1.12.5)
      bson (= 1.12.5)
    multi_json (1.12.1)
    multipart-post (2.0.0)
    mysql2 (0.4.5)
    net-http-persistent (2.9.4)
    net-http-pipeline (1.0.1)
    parallel (1.10.0)
    pusher-client (0.6.2)
      json
      websocket (~> 1.0)
    rake (12.0.0)
    rugged (0.24.0)
    sequel (4.41.0)
    thread_safe (0.3.5)
    time_difference (0.5.0)
      activesupport
    travis (1.8.5)
      backports
      faraday (~> 0.9)
      faraday_middleware (~> 0.9, >= 0.9.1)
      gh (~> 0.13)
      highline (~> 1.6)
      launchy (~> 2.1)
      pusher-client (~> 0.4)
      typhoeus (~> 0.6, >= 0.6.8)
    trollop (2.1.2)
    typhoeus (0.8.0)
      ethon (>= 0.8.0)
    tzinfo (0.3.52)
    websocket (1.2.3)

PLATFORMS
  ruby

DEPENDENCIES
  minitest
  rake
  travistorrent-tools!

BUNDLED WITH
   1.13.6
