PATH
  remote: .
  specs:
    travistorrent (0.1)
      bunny
      colorize (>= 0.7)
      github-linguist (>= 4.5)
      mongo (~> 2.3)
      mysql2 (>= 0.3)
      parallel (>= 0.7.1)
      rugged (>= 0.22)
      sequel (>= 4.23)
      travis (>= 1.7, < 1.9)
      trollop (>= 2.1.2)

GEM
  remote: https://rubygems.org/
  specs:
    addressable (2.4.0)
    amq-protocol (2.0.1)
    backports (3.6.8)
    bson (4.1.1)
    bunny (2.6.1)
      amq-protocol (>= 2.0.1)
    charlock_holmes (0.7.3)
    colorize (0.8.1)
    connection_pool (2.2.0)
    escape_utils (1.1.1)
    ethon (0.9.1)
      ffi (>= 1.3.0)
    faraday (0.9.2)
      multipart-post (>= 1.2, < 3)
    faraday_middleware (0.10.0)
      faraday (>= 0.7.4, < 0.10)
    ffi (1.9.14)
    gh (0.14.0)
      addressable
      backports
      faraday (~> 0.8)
      multi_json (~> 1.0)
      net-http-persistent (>= 2.7)
      net-http-pipeline
    github-linguist (4.8.16)
      charlock_holmes (~> 0.7.3)
      escape_utils (~> 1.1.0)
      mime-types (>= 1.19)
      rugged (>= 0.23.0b)
    highline (1.7.8)
    json (2.0.2)
    launchy (2.4.3)
      addressable (~> 2.3)
    mime-types (3.1)
      mime-types-data (~> 3.2015)
    mime-types-data (3.2016.0521)
    minitest (5.4.3)
    mongo (2.3.0)
      bson (~> 4.1)
    multi_json (1.12.1)
    multipart-post (2.0.0)
    mysql2 (0.4.5)
    net-http-persistent (3.0.0)
      connection_pool (~> 2.2)
    net-http-pipeline (1.0.1)
    parallel (1.9.0)
    pusher-client (0.6.2)
      json
      websocket (~> 1.0)
    rake (10.4.2)
    rugged (0.24.0)
    sequel (4.40.0)
    travis (1.8.2)
      backports
      faraday (~> 0.9)
      faraday_middleware (~> 0.9, >= 0.9.1)
      gh (~> 0.13)
      highline (~> 1.6)
      launchy (~> 2.1)
      pusher-client (~> 0.4)
      typhoeus (~> 0.6, >= 0.6.8)
    trollop (2.1.2)
    typhoeus (0.8.0)
      ethon (>= 0.8.0)
    websocket (1.2.3)

PLATFORMS
  ruby

DEPENDENCIES
  minitest
  rake
  travistorrent!

BUNDLED WITH
   1.13.6
